GEM
  remote: https://rubygems.org/
  specs:
    addressable (2.5.2)
      public_suffix (>= 2.0.2, < 4.0)
    buff-config (2.0.0)
      buff-extensions (~> 2.0)
      varia_model (~> 0.6)
    buff-extensions (2.0.0)
    buff-ignore (1.2.0)
    buff-ruby_engine (1.0.0)
    buff-shell_out (1.1.0)
      buff-ruby_engine (~> 1.0)
    celluloid (0.16.0)
      timers (~> 4.0.0)
    celluloid-io (0.16.2)
      celluloid (>= 0.16.0)
      nio4r (>= 1.1.0)
    chef-config (13.4.24)
      addressable
      fuzzyurl
      mixlib-config (~> 2.0)
      mixlib-shellout (~> 2.0)
    erubis (2.7.0)
    et-orbi (1.0.5)
      tzinfo
    fakeredis (0.6.0)
      redis (~> 3.2)
    faraday (0.13.1)
      multipart-post (>= 1.2, < 3)
    fuzzyurl (0.9.0)
    hashie (3.5.6)
    hitimes (1.2.6)
    httpclient (2.8.3)
    i18n (0.8.6)
    json (2.1.0)
    mixlib-archive (0.4.1)
      mixlib-log
    mixlib-authentication (1.4.2)
    mixlib-config (2.2.4)
    mixlib-log (1.7.1)
    mixlib-shellout (2.3.2)
    multipart-post (2.0.0)
    net-http-persistent (2.9.4)
    nio4r (2.1.0)
    public_suffix (3.0.0)
    puma (3.10.0)
    rack (1.6.8)
    rack-protection (1.5.3)
      rack
    rake (12.1.0)
    redis (3.3.3)
    retryable (2.0.4)
    ridley (5.1.1)
      addressable
      buff-config (~> 2.0)
      buff-extensions (~> 2.0)
      buff-ignore (~> 1.2)
      buff-shell_out (~> 1.0)
      celluloid (~> 0.16.0)
      celluloid-io (~> 0.16.1)
      chef-config (>= 12.5.0)
      erubis
      faraday (~> 0.9)
      hashie (>= 2.0.2, < 4.0.0)
      httpclient (~> 2.7)
      json (>= 1.7.7)
      mixlib-authentication (>= 1.3.0)
      retryable (~> 2.0)
      semverse (~> 2.0)
      varia_model (~> 0.6)
    rufus-scheduler (3.4.2)
      et-orbi (~> 1.0)
    semverse (2.0.0)
    sinatra (1.4.8)
      rack (~> 1.5)
      rack-protection (~> 1.4)
      tilt (>= 1.3, < 3)
    thread_safe (0.3.6)
    tilt (2.0.8)
    timers (4.0.4)
      hitimes
    tzinfo (1.2.3)
      thread_safe (~> 0.1)
    varia_model (0.6.0)
      buff-extensions (~> 2.0)
      hashie (>= 2.0.2, < 4.0.0)
    version_sorter (2.2.0)
    yard (0.9.9)
    yard-chefdoc (0.1.0)
      yard (~> 0.9.9)

PLATFORMS
  ruby

DEPENDENCIES
  fakeredis
  i18n
  json
  mixlib-archive
  net-http-persistent (~> 2.0)
  puma
  rake
  redis
  retryable
  ridley (~> 5.1.0)
  rufus-scheduler
  sinatra (~> 1.4.8)
  version_sorter
  yard (~> 0.9.9)
  yard-chefdoc (~> 0.1.0)

BUNDLED WITH
   1.15.4
